PATH
  remote: .
  specs:
    ffi_example (0.1.0)
      bundler (~> 1.12)
      ffi (~> 1.9)
      rake (>= 12, < 14)

GEM
  remote: https://rubygems.org/
  specs:
    ansi (1.5.0)
    benchmark-ips (2.7.2)
    builder (3.2.3)
    codeclimate-test-reporter (1.0.8)
      simplecov (<= 0.13)
    color_pound_spec_reporter (0.0.9)
      bundler
      minitest
      minitest-reporters (>= 0.14.24)
      rake
    docile (1.1.5)
    ffi (1.12.2)
    json (2.1.0)
    minitest (5.10.3)
    minitest-reporters (1.1.18)
      ansi
      builder
      minitest (>= 5.0)
      ruby-progressbar
    rake (13.0.1)
    ruby-progressbar (1.9.0)
    simplecov (0.13.0)
      docile (~> 1.1.0)
      json (>= 1.8, < 3)
      simplecov-html (~> 0.10.0)
    simplecov-html (0.10.2)

PLATFORMS
  ruby

DEPENDENCIES
  benchmark-ips (~> 2.7.2)
  codeclimate-test-reporter (~> 1.0.0)
  color_pound_spec_reporter (~> 0.0.6)
  ffi_example!
  minitest (~> 5.10)
  minitest-reporters (~> 1.1)
  simplecov

BUNDLED WITH
   1.16.0.pre.2
